PATH
  remote: .
  specs:
    net-ssh-socks (0.0.2)
      net-ssh (~> 2.0)

GEM
  remote: http://rubygems.org/
  specs:
    net-ssh (2.1.4)

PLATFORMS
  ruby

DEPENDENCIES
  net-ssh-socks!
